GEM
  remote: http://rubygems.org/
  specs:
    coderay (1.1.2)
    diff-lcs (1.3)
    ffi (1.9.25)
    method_source (0.8.2)
    pry (0.10.4)
      coderay (~> 1.1.0)
      method_source (~> 0.8.1)
      slop (~> 3.4)
    pry-nav (0.2.4)
      pry (>= 0.9.10, < 0.11.0)
    rake (12.3.1)
    rspec (3.7.0)
      rspec-core (~> 3.7.0)
      rspec-expectations (~> 3.7.0)
      rspec-mocks (~> 3.7.0)
    rspec-core (3.7.1)
      rspec-support (~> 3.7.0)
    rspec-expectations (3.7.0)
      diff-lcs (>= 1.2.0, < 2.0)
      rspec-support (~> 3.7.0)
    rspec-mocks (3.7.0)
      diff-lcs (>= 1.2.0, < 2.0)
      rspec-support (~> 3.7.0)
    rspec-support (3.7.1)
    ruby-graphviz (1.0.9)
    ruby-llvm (4.0.0)
      ffi (~> 1.9.3)
      rake (~> 12.0)
    slop (3.6.0)

PLATFORMS
  ruby

DEPENDENCIES
  pry
  pry-nav
  rake
  rspec
  ruby-graphviz (~> 1.0.0)
  ruby-llvm

BUNDLED WITH
   1.16.2
